GIT
  remote: https://github.com/mike-bourgeous/mb-geometry.git
  revision: 59f3425eddd5632c5ec2ea9663c51d48d820e8ac
  specs:
    mb-geometry (0.0.2.usegit)
      csv (~> 3.3, >= 3.3.3)
      georuby
      mb-math (>= 0.2.2.usegit)
      mb-util (>= 0.1.20.usegit)
      numo-narray (~> 0.9.2.1)
      rubyvor (= 0.1.4)

GIT
  remote: https://github.com/mike-bourgeous/mb-math.git
  revision: dc3422bf81fe2ac93ca528da05020c0f34c00b50
  specs:
    mb-math (0.2.2.usegit)
      bigdecimal (~> 3.1.8)
      cmath (~> 1.0.0)
      matrix (~> 0.4.2)
      mb-util (>= 0.1.21.usegit)
      numo-narray (~> 0.9.2.1)
      numo-pocketfft (~> 0.4.1)
      prime (~> 0.1.3)

GIT
  remote: https://github.com/mike-bourgeous/mb-sound-jackffi.git
  revision: 209ce022e1ae7a1427a64a99e2dadac9c55fb204
  specs:
    mb-sound-jackffi (0.0.21.usegit)
      ffi (~> 1.13.0)
      numo-narray (~> 0.9.1)

GIT
  remote: https://github.com/mike-bourgeous/mb-sound.git
  revision: d402e44fd85d9dee4e695b11c2643c305f54515d
  specs:
    mb-sound (0.8.2.usegit)
      cmath (~> 1.0.0)
      mb-math (>= 0.2.2.usegit)
      mb-util (>= 0.1.22.usegit)
      midi-nibbler (~> 0.2.4)
      midilib (~> 4.0.0)
      numo-narray (~> 0.9.2)
      numo-pocketfft (~> 0.4.1)

GIT
  remote: https://github.com/mike-bourgeous/mb-util.git
  revision: 2a27dcf4f71e08ab9c2fedfefdacef6a8be2b11f
  specs:
    mb-util (0.1.22.usegit)

PATH
  remote: .
  specs:
    mb-surround (0.0.1.usegit)
      cmath (>= 1.0.0)
      mb-geometry (>= 0.0.2.usegit)
      mb-math (>= 0.2.2.usegit)
      mb-sound (>= 0.8.2.usegit)
      mb-sound-jackffi (>= 0.0.21.usegit)
      mb-util (>= 0.1.22.usegit)
      numo-narray (~> 0.9.1)

GEM
  remote: https://rubygems.org/
  specs:
    GeoRuby (1.3.4)
    bigdecimal (3.1.9)
    byebug (11.1.3)
    cmath (1.0.0)
    coderay (1.1.3)
    csv (3.3.3)
    diff-lcs (1.6.1)
    docile (1.4.1)
    ffi (1.13.1)
    forwardable (1.3.3)
    georuby (2.5.2)
    libxml-ruby (5.0.3)
    matrix (0.4.2)
    method_source (1.1.0)
    midi-message (0.4.9)
    midi-nibbler (0.2.4)
      midi-message (~> 0.4, >= 0.4.4)
    midilib (4.0.2)
    numo-narray (0.9.2.1)
    numo-pocketfft (0.4.1)
      numo-narray (>= 0.9.1)
    prime (0.1.3)
      forwardable
      singleton
    pry (0.14.2)
      coderay (~> 1.1)
      method_source (~> 1.0)
    pry-byebug (3.10.1)
      byebug (~> 11.0)
      pry (>= 0.13, < 0.15)
    pry-doc (1.1.0)
      pry (~> 0.11)
      yard (~> 0.9.11)
    rake (13.2.1)
    rspec (3.10.0)
      rspec-core (~> 3.10.0)
      rspec-expectations (~> 3.10.0)
      rspec-mocks (~> 3.10.0)
    rspec-core (3.10.2)
      rspec-support (~> 3.10.0)
    rspec-expectations (3.10.2)
      diff-lcs (>= 1.2.0, < 2.0)
      rspec-support (~> 3.10.0)
    rspec-mocks (3.10.3)
      diff-lcs (>= 1.2.0, < 2.0)
      rspec-support (~> 3.10.0)
    rspec-support (3.10.3)
    rubyvor (0.1.4)
      GeoRuby (>= 1.3.0)
      libxml-ruby (>= 0.9.9)
    simplecov (0.21.2)
      docile (~> 1.1)
      simplecov-html (~> 0.11)
      simplecov_json_formatter (~> 0.1)
    simplecov-html (0.13.1)
    simplecov_json_formatter (0.1.4)
    singleton (0.3.0)
    yard (0.9.37)

PLATFORMS
  ruby

DEPENDENCIES
  mb-geometry!
  mb-math!
  mb-sound!
  mb-sound-jackffi!
  mb-surround!
  mb-util!
  pry (~> 0.14.0)
  pry-byebug (~> 3.10.0)
  pry-doc (~> 1.1.0)
  rake (~> 13.0)
  rspec (~> 3.10.0)
  simplecov (~> 0.21.2)

BUNDLED WITH
   2.4.22
