GIT
  remote: https://github.com/mike-bourgeous/mb-geometry.git
  revision: 550629cacb118f7c480e8a0646f8a4ce410ff8ad
  specs:
    mb-geometry (0.0.1.usegit)
      mb-math
      mb-util
      rubyvor (= 0.1.4)

GIT
  remote: https://github.com/mike-bourgeous/mb-math.git
  revision: 4dcea43fc09b9446beb17b310347fada545221af
  specs:
    mb-math (0.0.1.usegit)
      cmath (~> 1.0.0)
      numo-narray (~> 0.9.1)

GIT
  remote: https://github.com/mike-bourgeous/mb-sound-jackffi.git
  revision: 30381aec4e8e1ffd0ed5c2dc968a190911f497ad
  specs:
    mb-sound-jackffi (0.0.15.usegit)
      ffi (~> 1.13.0)
      numo-narray (~> 0.9.1)

GIT
  remote: https://github.com/mike-bourgeous/mb-sound.git
  revision: 8b9b63f00412b09134919251e60bbcceec88a1ae
  specs:
    mb-sound (0.2.0.usegit)
      cmath (~> 1.0.0)
      mb-math
      mb-util
      midi-nibbler (~> 0.2.4)
      numo-narray (~> 0.9.1.8)
      numo-pocketfft (~> 0.2.2)

GIT
  remote: https://github.com/mike-bourgeous/mb-util.git
  revision: 903e28d6cade1063bec7e1a754367150bbca7d15
  specs:
    mb-util (0.0.1.usegit)

PATH
  remote: .
  specs:
    mb-surround (0.0.0.usegit)
      cmath
      mb-geometry
      mb-math
      mb-sound
      mb-util
      numo-narray

GEM
  remote: https://rubygems.org/
  specs:
    GeoRuby (1.3.4)
    byebug (11.1.3)
    cmath (1.0.0)
    coderay (1.1.3)
    diff-lcs (1.4.4)
    ffi (1.13.1)
    libxml-ruby (3.2.1)
    method_source (1.0.0)
    midi-message (0.4.9)
    midi-nibbler (0.2.4)
      midi-message (~> 0.4, >= 0.4.4)
    numo-narray (0.9.1.9)
    numo-pocketfft (0.2.2)
      numo-narray (~> 0.9.1)
    pry (0.13.1)
      coderay (~> 1.1)
      method_source (~> 1.0)
    pry-byebug (3.9.0)
      byebug (~> 11.0)
      pry (~> 0.13.0)
    pry-doc (1.1.0)
      pry (~> 0.11)
      yard (~> 0.9.11)
    rake (13.0.3)
    rspec (3.10.0)
      rspec-core (~> 3.10.0)
      rspec-expectations (~> 3.10.0)
      rspec-mocks (~> 3.10.0)
    rspec-core (3.10.1)
      rspec-support (~> 3.10.0)
    rspec-expectations (3.10.1)
      diff-lcs (>= 1.2.0, < 2.0)
      rspec-support (~> 3.10.0)
    rspec-mocks (3.10.2)
      diff-lcs (>= 1.2.0, < 2.0)
      rspec-support (~> 3.10.0)
    rspec-support (3.10.2)
    rubyvor (0.1.4)
      GeoRuby (>= 1.3.0)
      libxml-ruby (>= 0.9.9)
    yard (0.9.26)

PLATFORMS
  ruby

DEPENDENCIES
  mb-geometry (>= 0.0.1.usegit)!
  mb-math (>= 0.0.1.usegit)!
  mb-sound (>= 0.1.3.usegit)!
  mb-sound-jackffi (>= 0.0.15.usegit)!
  mb-surround!
  mb-util (>= 0.0.1.usegit)!
  pry
  pry-byebug
  pry-doc
  rake (~> 13.0)
  rspec

BUNDLED WITH
   2.1.4
